GEM
  remote: https://rubygems.org/
  specs:
    rack (2.0.7)
    rack-test (1.1.0)
      rack (>= 1.0, < 3)

PLATFORMS
  x64-mingw32

DEPENDENCIES
  rack-test (~> 1.1)

BUNDLED WITH
   2.0.2
